PATH
  remote: .
  specs:
    be_truthy (0.0.3)

GEM
  remote: https://rubygems.org/
  specs:

PLATFORMS
  ruby

DEPENDENCIES
  be_truthy!
